GEM
  remote: https://rubygems.org/
  specs:
    awesome_print (1.7.0)
    faraday (0.11.0)
      multipart-post (>= 1.2, < 3)
    multipart-post (2.0.0)
    text (1.3.1)

PLATFORMS
  ruby

DEPENDENCIES
  awesome_print
  faraday
  text

BUNDLED WITH
   1.13.1
